GEM
  remote: https://rubygems.org/
  specs:
    asciidoctor (2.0.23)
    concurrent-ruby (1.3.5)
    logger (1.7.0)
    rake (13.2.1)
    slim (5.2.1)
      temple (~> 0.10.0)
      tilt (>= 2.1.0)
    temple (0.10.3)
    tilt (2.6.0)

PLATFORMS
  ruby
  x86_64-darwin-24

DEPENDENCIES
  asciidoctor (~> 2.0)
  concurrent-ruby (~> 1.3)
  logger (~> 1.7)
  rake (~> 13.2)
  slim (~> 5.2)
  tilt (~> 2.6)

RUBY VERSION
   ruby 3.4.1p0

BUNDLED WITH
   2.6.9
